ObjectType = Image
NDims = 3
BinaryData = True
BinaryDataByteOrderMSB = False
CompressedData = True
CompressedDataSize = 55330
TransformMatrix = -1 0 0 0 -1 0 0 0 1
Offset = 100 100 0
CenterOfRotation = 0 0 0
AnatomicalOrientation = LPI
ElementSpacing = 1 1 1
DimSize = 440 280 1
ElementType = MET_DOUBLE
ElementDataFile = BP_Lumbar_SingleSlice_Double.zraw
